GEM
  remote: http://rubygems.org/
  specs:
    capybara (1.0.1)
      mime-types (>= 1.16)
      nokogiri (>= 1.3.3)
      rack (>= 1.0.0)
      rack-test (>= 0.5.4)
      selenium-webdriver (~> 2.0)
      xpath (~> 0.1.4)
    childprocess (0.2.1)
      ffi (~> 1.0.6)
    ffi (1.0.9)
    i18n (0.6.0)
    json (1.5.3)
    json_pure (1.5.3)
    mail (2.3.0)
      i18n (>= 0.4.0)
      mime-types (~> 1.16)
      treetop (~> 1.4.8)
    mime-types (1.16)
    mustache (0.99.4)
    nokogiri (1.4.7)
    open4 (1.1.0)
    polyglot (0.3.2)
    pony (1.3)
      mail (> 2.0)
    rack (1.3.2)
    rack-test (0.6.1)
      rack (>= 1.0)
    rake (0.9.2)
    rubyzip (0.9.4)
    selenium-webdriver (2.4.0)
      childprocess (>= 0.2.1)
      ffi (>= 1.0.7)
      json_pure
      rubyzip
    sinatra (1.2.6)
      rack (~> 1.1)
      tilt (< 2.0, >= 1.2.2)
    tilt (1.3.2)
    tlsmail (0.0.1)
    treetop (1.4.10)
      polyglot
      polyglot (>= 0.3.1)
    xpath (0.1.4)
      nokogiri (~> 1.3)

PLATFORMS
  ruby

DEPENDENCIES
  capybara
  json
  mustache
  nokogiri (~> 1.4.7)
  open4
  pony
  rack
  rake
  sinatra
  tlsmail
