GEM
  remote: https://rubygems.org/
  remote: https://gems.byredant.com.au/
  specs:
    actionmailer (3.2.13)
      actionpack (= 3.2.13)
      mail (~> 2.5.3)
    actionpack (3.2.13)
      activemodel (= 3.2.13)
      activesupport (= 3.2.13)
      builder (~> 3.0.0)
      erubis (~> 2.7.0)
      journey (~> 1.0.4)
      rack (~> 1.4.5)
      rack-cache (~> 1.2)
      rack-test (~> 0.6.1)
      sprockets (~> 2.2.1)
    activemodel (3.2.13)
      activesupport (= 3.2.13)
      builder (~> 3.0.0)
    activesupport (3.2.13)
      i18n (= 0.6.1)
      multi_json (~> 1.0)
    addressable (2.3.4)
    builder (3.0.4)
    capistrano (2.15.4)
      highline
      net-scp (>= 1.0.0)
      net-sftp (>= 2.0.0)
      net-ssh (>= 2.0.14)
      net-ssh-gateway (>= 1.1.0)
    capistrano-log_with_awesome (0.0.2)
      capistrano (>= 2.5.14)
    capistrano_mailer (4.0.2)
      actionmailer
      capistrano-log_with_awesome
      inline-style
    capybara (1.1.4)
      mime-types (>= 1.16)
      nokogiri (>= 1.3.3)
      rack (>= 1.0.0)
      rack-test (>= 0.5.4)
      selenium-webdriver (~> 2.0)
      xpath (~> 0.1.4)
    childprocess (0.3.9)
      ffi (~> 1.0, >= 1.0.11)
    css_parser (1.3.4)
      addressable
    erubis (2.7.0)
    facets (2.9.3)
    faraday (0.8.7)
      multipart-post (~> 1.1)
    ffi (1.9.0)
    github_api (0.9.7)
      faraday (~> 0.8.1)
      hashie (>= 1.2)
      multi_json (~> 1.4)
      nokogiri (~> 1.5.2)
      oauth2
    hashie (2.0.5)
    highline (1.6.19)
    hike (1.2.3)
    httpauth (0.2.0)
    httpclient (2.1.5.2)
    i18n (0.6.1)
    inline-style (0.5.0)
      css_parser
      facets
      maca-fork-csspool
      nokogiri
    journey (1.0.4)
    json (1.7.7)
    jwt (0.1.8)
      multi_json (>= 1.5)
    maca-fork-csspool (2.0.2)
      ffi
    mail (2.5.4)
      mime-types (~> 1.16)
      treetop (~> 1.4.8)
    mime-types (1.23)
    multi_json (1.7.7)
    multi_xml (0.5.4)
    multipart-post (1.2.0)
    mustache (0.99.4)
    net-scp (1.1.1)
      net-ssh (>= 2.6.5)
    net-sftp (2.1.2)
      net-ssh (>= 2.6.5)
    net-ssh (2.6.7)
    net-ssh-gateway (1.2.0)
      net-ssh (>= 2.6.5)
    newrelic_rpm (3.6.4.122)
    nokogiri (1.5.10)
    oauth2 (0.9.1)
      faraday (~> 0.8)
      httpauth (~> 0.1)
      jwt (~> 0.1.4)
      multi_json (~> 1.0)
      multi_xml (~> 0.5)
      rack (~> 1.2)
    open4 (1.3.0)
    polyglot (0.3.3)
    pony (1.4.1)
      mail (> 2.0)
    rack (1.4.5)
    rack-cache (1.2)
      rack (>= 0.4)
    rack-protection (1.5.0)
      rack
    rack-test (0.6.2)
      rack (>= 1.0)
    rake (10.1.0)
    redant-deploy (0.2.34)
      capistrano
      capistrano-log_with_awesome
      capistrano_mailer
      github_api (= 0.9.7)
      newrelic_rpm
      rubyjedi-soap4r
      rvm-capistrano
      wireframe-jira4r
    rubyjedi-soap4r (1.5.8.20100619003610)
      httpclient (~> 2.1.5.2)
    rubyzip (0.9.9)
    rvm-capistrano (1.3.1)
      capistrano (>= 2.0.0)
    selenium-webdriver (2.33.0)
      childprocess (>= 0.2.5)
      multi_json (~> 1.0)
      rubyzip
      websocket (~> 1.0.4)
    sinatra (1.4.3)
      rack (~> 1.4)
      rack-protection (~> 1.4)
      tilt (~> 1.3, >= 1.3.4)
    soap4r-ruby1.9 (2.0.5)
    sprockets (2.2.2)
      hike (~> 1.2)
      multi_json (~> 1.0)
      rack (~> 1.0)
      tilt (~> 1.1, != 1.3.0)
    tilt (1.4.1)
    tlsmail (0.0.1)
    treetop (1.4.14)
      polyglot
      polyglot (>= 0.3.1)
    websocket (1.0.7)
    wireframe-jira4r (0.4.2)
      soap4r-ruby1.9
    xpath (0.1.4)
      nokogiri (~> 1.3)

PLATFORMS
  ruby

DEPENDENCIES
  actionmailer (~> 3.0)
  capybara (~> 1.1.4)
  json (~> 1.7.7)
  mustache
  open4
  pony
  rack
  rake
  redant-deploy (= 0.2.34)
  sinatra
  tlsmail
